GEM
  remote: http://rubygems.org/
  specs:
    arr-pm (0.0.7)
      cabin (> 0)
    backports (2.6.2)
    cabin (0.4.4)
      json
    clamp (0.3.1)
    fpm (0.4.20)
      arr-pm (~> 0.0.7)
      backports (= 2.6.2)
      cabin (~> 0.4.3)
      clamp (= 0.3.1)
      json (= 1.6.6)
    json (1.6.6)

PLATFORMS
  ruby

DEPENDENCIES
  fpm
